NRRD0004
type: uint16
encoding: gzip
endian: big
dimension: 3
sizes: 660 1290 382
space dimension: 3
space directions: (0.4,0,0) (0,0.4,0) (0,0,0.4)
space units: microns microns microns
lineskip: 11
datafile: /Users/itaisz/Desktop/JRC2018_VNC_UNISEX_4iso.nrrd

