NRRD0004
type: uint16
encoding: gzip
endian: big
dimension: 3
sizes: 1652 773 456
space dimension: 3
space directions: (0.38,0,0) (0,0.38,0) (0,0,0.38)
space units: microns microns microns
lineskip: 11
datafile: JRC2018_UNISEX_38um_iso_16bit.nrrd

